GEM
  remote: https://rubygems.org/
  specs:
    async (1.29.0)
      console (~> 1.10)
      nio4r (~> 2.3)
      timers (~> 4.1)
    async_sinatra (1.3.0)
      rack (>= 2.0.0)
      sinatra (>= 1.4.8)
    console (1.12.0)
      fiber-local
    daemons (1.4.0)
    eventmachine (1.2.7)
    faraday (1.4.1)
      faraday-excon (~> 1.1)
      faraday-net_http (~> 1.0)
      faraday-net_http_persistent (~> 1.1)
      multipart-post (>= 1.2, < 3)
      ruby2_keywords (>= 0.0.4)
    faraday-excon (1.1.0)
    faraday-net_http (1.0.1)
    faraday-net_http_persistent (1.1.0)
    fiber-local (1.0.0)
    multipart-post (2.1.1)
    mustermann (1.1.1)
      ruby2_keywords (~> 0.0.1)
    nio4r (2.5.7)
    rack (2.2.3)
    rack-protection (2.1.0)
      rack
    ruby2_keywords (0.0.4)
    sinatra (2.1.0)
      mustermann (~> 1.0)
      rack (~> 2.2)
      rack-protection (= 2.1.0)
      tilt (~> 2.0)
    thin (1.8.0)
      daemons (~> 1.0, >= 1.0.9)
      eventmachine (~> 1.0, >= 1.0.4)
      rack (>= 1, < 3)
    tilt (2.0.10)
    timers (4.3.3)

PLATFORMS
  x86_64-linux

DEPENDENCIES
  async (~> 1.29)
  async_sinatra (~> 1.3)
  eventmachine (~> 1.2)
  faraday
  sinatra
  thin

BUNDLED WITH
   2.2.17
